GIT
  remote: git://github.com/chef/omnibus-software.git
  revision: 803f2b1849b68f7b0a59574963ce6e13d6aff0da
  branch: omnibus/3.2-stable
  specs:
    omnibus-software (3.0.0)

GIT
  remote: git://github.com/chef/omnibus.git
  revision: 5c8ce5831f2cb6b77ea437aae451fc61c23a2602
  branch: 3.0-stable
  specs:
    omnibus (3.2.2)
      chef-sugar (~> 1.2)
      fpm (~> 0.4)
      mixlib-shellout (~> 1.4)
      ohai (~> 7.2)
      thor (~> 0.18)
      uber-s3

GEM
  remote: https://rubygems.org/
  specs:
    addressable (2.3.8)
    arr-pm (0.0.10)
      cabin (> 0)
    backports (3.6.4)
    cabin (0.7.1)
    chef-sugar (1.3.0)
    childprocess (0.5.6)
      ffi (~> 1.0, >= 1.0.11)
    clamp (0.6.5)
    ffi (1.9.8)
    ffi-yajl (1.4.0)
      ffi (~> 1.5)
      libyajl2 (~> 1.2)
    fpm (0.4.42)
      arr-pm (~> 0.0.8)
      backports (>= 2.6.2)
      cabin (>= 0.6.0)
      childprocess
      clamp (~> 0.6)
      ftw (~> 0.0.30)
      json (>= 1.7.7)
    ftw (0.0.42)
      addressable
      backports (>= 2.6.2)
      cabin (> 0)
      http_parser.rb (~> 0.6)
    http_parser.rb (0.6.0)
    ipaddress (0.8.0)
    json (1.8.3)
    libyajl2 (1.2.0)
    mime-types (1.25.1)
    mixlib-cli (1.5.0)
    mixlib-config (2.2.1)
    mixlib-log (1.6.0)
    mixlib-shellout (1.6.1)
    ohai (7.4.1)
      ffi (~> 1.9)
      ffi-yajl (~> 1.1)
      ipaddress
      mime-types (~> 1.16)
      mixlib-cli
      mixlib-config (~> 2.0)
      mixlib-log
      mixlib-shellout (~> 1.2)
      systemu (~> 2.6.4)
      wmi-lite (~> 1.0)
    systemu (2.6.5)
    thor (0.19.1)
    uber-s3 (0.2.4)
      mime-types (~> 1.17)
    wmi-lite (1.0.0)

PLATFORMS
  ruby

DEPENDENCIES
  omnibus!
  omnibus-software!
